GEM
  remote: https://rubygems.org/
  specs:
    byebug (9.0.6)
    elasticsearch (5.0.3)
      elasticsearch-api (= 5.0.3)
      elasticsearch-transport (= 5.0.3)
    elasticsearch-api (5.0.3)
      multi_json
    elasticsearch-transport (5.0.3)
      faraday
      multi_json
    faraday (0.11.0)
      multipart-post (>= 1.2, < 3)
    json (1.8.6)
    multi_json (1.12.1)
    multipart-post (2.0.0)
    puma (3.12.4)
    rack (1.6.5)
    rack-protection (1.5.3)
      rack
    sinatra (1.4.8)
      rack (~> 1.5)
      rack-protection (~> 1.4)
      tilt (>= 1.3, < 3)
    sinatra-cross_origin (0.4.0)
    tilt (2.0.6)

PLATFORMS
  ruby

DEPENDENCIES
  byebug
  elasticsearch
  json
  puma
  sinatra
  sinatra-cross_origin

BUNDLED WITH
   1.14.5
